GEM
  remote: https://rubygems.org/
  specs:
    adsf (1.2.0)
      rack (>= 1.0.0)
    builder (3.2.2)
    chunky_png (1.2.9)
    coderay (1.1.0)
    colored (1.2)
    compass (0.12.2)
      chunky_png (~> 1.2)
      fssm (>= 0.2.7)
      sass (~> 3.1)
    cri (2.4.1)
      colored (>= 1.2)
    css_parser (1.0.1)
    daemons (1.1.9)
    dotenv (0.9.0)
    eventmachine (1.0.3)
    ffi (1.9.3)
    foreman (0.63.0)
      dotenv (>= 0.7)
      thor (>= 0.13.6)
    fssm (0.2.10)
    haml (4.0.5)
      tilt
    i18n (0.6.9)
    json (1.8.1)
    mime-types (2.0)
    nanoc (3.6.7)
      cri (~> 2.3)
    rack (1.5.2)
    rake (10.1.1)
    rb-fsevent (0.9.4)
    rb-inotify (0.9.3)
      ffi (>= 0.5.0)
    rdiscount (2.1.7)
    sass (3.2.13)
    susy (1.0.9)
      compass (>= 0.12.2)
      sass (>= 3.2.0)
    thin (1.6.1)
      daemons (>= 1.0.9)
      eventmachine (>= 1.0.0)
      rack (>= 1.0.0)
    thor (0.18.1)
    tilt (2.0.0)

PLATFORMS
  ruby

DEPENDENCIES
  adsf
  builder
  coderay
  css_parser (= 1.0.1)
  foreman
  fssm
  haml
  i18n
  json
  mime-types
  nanoc
  rack
  rake
  rb-fsevent
  rb-inotify
  rdiscount
  sass
  susy
  thin
  thor
