GEM
  remote: https://rubygems.org/
  specs:
    adsf (1.2.0)
      rack (>= 1.0.0)
    builder (3.2.2)
    colored (1.2)
    cri (2.4.1)
      colored (>= 1.2)
    daemons (1.1.9)
    eventmachine (1.0.3)
    haml (4.0.5)
      tilt
    i18n (0.6.9)
    nanoc (3.4.3)
      cri (~> 2.2)
    rack (1.5.2)
    rake (10.1.1)
    sass (3.2.13)
    thin (1.6.1)
      daemons (>= 1.0.9)
      eventmachine (>= 1.0.0)
      rack (>= 1.0.0)
    tilt (2.0.0)

PLATFORMS
  ruby

DEPENDENCIES
  adsf
  builder
  haml
  i18n
  nanoc (~> 3.4.2)
  rake
  sass
  thin
